GEM
  remote: https://rubygems.org/
  specs:
    ffi (1.9.18)
    listen (3.1.5)
      rb-fsevent (~> 0.9, >= 0.9.4)
      rb-inotify (~> 0.9, >= 0.9.7)
      ruby_dep (~> 1.2)
    minitest (5.10.3)
    rake (12.1.0)
    rb-fsevent (0.10.2)
    rb-inotify (0.9.10)
      ffi (>= 0.5.0, < 2)
    ruby_dep (1.5.0)
    sass (3.4.25)
    scss_lint (0.54.0)
      rake (>= 0.9, < 13)
      sass (~> 3.4.20)
    shoulda-context (1.2.2)

PLATFORMS
  ruby

DEPENDENCIES
  listen
  minitest
  rake
  scss_lint
  shoulda-context

BUNDLED WITH
   1.15.4
