GEM
  remote: https://rubygems.org/
  specs:
    minitest (5.10.2)
    rake (12.0.0)
    shoulda-context (1.2.2)

PLATFORMS
  ruby

DEPENDENCIES
  minitest
  rake
  shoulda-context

BUNDLED WITH
   1.14.6
