GEM
  remote: https://rubygems.org/
  specs:
    minitest (5.9.0)
    rake (11.2.2)
    shoulda-context (1.2.1)

PLATFORMS
  ruby

DEPENDENCIES
  minitest
  rake
  shoulda-context

BUNDLED WITH
   1.12.5
